GEM
  remote: https://rubygems.org/
  specs:
    byebug (11.0.1)
    ruby2d (0.9.2)

PLATFORMS
  ruby

DEPENDENCIES
  byebug
  ruby2d

BUNDLED WITH
   1.17.3
